GEM
  remote: http://rubygems.org/
  specs:
    aws-s3 (0.6.2)
      builder
      mime-types
      xml-simple
    builder (3.0.0)
    coderay (1.0.5)
    curb (0.8.3)
    dalli (1.1.5)
    diff-lcs (1.1.3)
    json (1.6.5)
    kgio (2.7.2)
    method_source (0.7.0)
    mime-types (1.17.2)
    newrelic_rpm (3.3.2)
    pry (0.9.8.2)
      coderay (~> 1.0.5)
      method_source (~> 0.7)
      slop (>= 2.4.4, < 3)
    rack (1.4.1)
    rack-cache (1.1)
      rack (>= 0.4)
    rack-protection (1.2.0)
      rack
    rack-test (0.6.1)
      rack (>= 1.0)
    racksh (0.9.10)
      rack (>= 1.0)
      rack-test (>= 0.5)
    raindrops (0.8.0)
    rake (0.9.2.2)
    rest-client (1.6.7)
      mime-types (>= 1.16)
    rmagick (2.13.1)
    rspec (2.8.0)
      rspec-core (~> 2.8.0)
      rspec-expectations (~> 2.8.0)
      rspec-mocks (~> 2.8.0)
    rspec-core (2.8.0)
    rspec-expectations (2.8.0)
      diff-lcs (~> 1.1.2)
    rspec-mocks (2.8.0)
    ruby-prof (0.10.8)
    sequel (3.32.0)
    sinatra (1.3.2)
      rack (~> 1.3, >= 1.3.6)
      rack-protection (~> 1.2)
      tilt (~> 1.3, >= 1.3.3)
    sinatra-cache-assets (0.0.3)
      sinatra (>= 1.0)
    slop (2.4.4)
    tilt (1.3.3)
    unicorn (4.2.0)
      kgio (~> 2.6)
      rack
      raindrops (~> 0.7)
    xml-simple (1.1.1)

PLATFORMS
  ruby

DEPENDENCIES
  aws-s3
  curb
  dalli
  json
  newrelic_rpm
  pry
  rack-cache
  rack-test
  racksh
  rake
  rest-client
  rmagick
  rspec
  ruby-prof
  sequel
  sinatra
  sinatra-cache-assets
  unicorn
